GEM
  remote: https://rubygems.org/
  specs:
    addressable (2.8.0)
      public_suffix (>= 2.0.2, < 5.0)
    ast (2.4.2)
    backport (1.2.0)
    bcrypt (3.1.16)
    benchmark (0.2.0)
    better_errors (2.9.1)
      coderay (>= 1.0.0)
      erubi (>= 1.0.0)
      rack (>= 0.9.0)
    binding_of_caller (0.8.0)
      debug_inspector (>= 0.0.1)
    capybara (3.34.0)
      addressable
      mini_mime (>= 0.1.3)
      nokogiri (~> 1.8)
      rack (>= 1.6.0)
      rack-test (>= 0.6.3)
      regexp_parser (~> 1.5)
      xpath (~> 3.2)
    coderay (1.1.3)
    concurrent-ruby (1.1.9)
    database_cleaner (1.8.5)
    debug_inspector (1.0.0)
    diff-lcs (1.4.4)
    dotenv (2.7.6)
    dry-cli (0.7.0)
    dry-configurable (0.12.1)
      concurrent-ruby (~> 1.0)
      dry-core (~> 0.5, >= 0.5.0)
    dry-container (0.7.2)
      concurrent-ruby (~> 1.0)
      dry-configurable (~> 0.1, >= 0.1.3)
    dry-core (0.6.0)
      concurrent-ruby (~> 1.0)
    dry-equalizer (0.3.0)
    dry-initializer (1.4.1)
    dry-logic (0.4.2)
      dry-container (~> 0.2, >= 0.2.6)
      dry-core (~> 0.2)
      dry-equalizer (~> 0.2)
    dry-struct (0.3.1)
      dry-configurable (~> 0.1)
      dry-core (~> 0.3)
      dry-equalizer (~> 0.2)
      dry-types (~> 0.9, >= 0.9.0)
      ice_nine (~> 0.11)
    dry-types (0.11.1)
      concurrent-ruby (~> 1.0)
      dry-configurable (~> 0.1)
      dry-container (~> 0.3)
      dry-core (~> 0.2, >= 0.2.1)
      dry-equalizer (~> 0.2)
      dry-logic (~> 0.4, >= 0.4.0)
      inflecto (~> 0.0.0, >= 0.0.2)
    dry-validation (0.11.0)
      concurrent-ruby (~> 1.0)
      dry-configurable (~> 0.1, >= 0.1.3)
      dry-core (~> 0.2, >= 0.2.1)
      dry-equalizer (~> 0.2)
      dry-logic (~> 0.4, >= 0.4.0)
      dry-types (~> 0.11.0)
    e2mmap (0.1.0)
    em-websocket (0.5.2)
      eventmachine (>= 0.12.9)
      http_parser.rb (~> 0.6.0)
    erubi (1.10.0)
    eventmachine (1.2.7)
    faker (1.9.6)
      i18n (>= 0.7)
    ffi (1.14.2)
    formatador (0.2.5)
    guard (2.16.2)
      formatador (>= 0.2.4)
      listen (>= 2.7, < 4.0)
      lumberjack (>= 1.0.12, < 2.0)
      nenv (~> 0.1)
      notiffany (~> 0.0)
      pry (>= 0.9.12)
      shellany (~> 0.0)
      thor (>= 0.18.1)
    guard-compat (1.2.1)
    guard-livereload (2.5.2)
      em-websocket (~> 0.5)
      guard (~> 2.8)
      guard-compat (~> 1.0)
      multi_json (~> 1.8)
    hanami (1.3.5)
      bundler (>= 1.6, < 3)
      concurrent-ruby (~> 1.0)
      dry-cli (~> 0.5)
      hanami-assets (~> 1.3)
      hanami-controller (~> 1.3, >= 1.3.3)
      hanami-helpers (~> 1.3)
      hanami-mailer (~> 1.3)
      hanami-router (~> 1.3)
      hanami-utils (~> 1.3)
      hanami-validations (>= 1.3, < 3)
      hanami-view (~> 1.3)
    hanami-assets (1.3.5)
      hanami-helpers (~> 1.3)
      hanami-utils (~> 1.3)
      tilt (~> 2.0, >= 2.0.2)
    hanami-controller (1.3.3)
      hanami-utils (~> 1.3)
      rack (~> 2.0)
    hanami-helpers (1.3.3)
      hanami-utils (~> 1.3)
    hanami-mailer (1.3.3)
      hanami-utils (~> 1.3)
      mail (~> 2.6)
      tilt (~> 2.0, >= 2.0.1)
    hanami-model (1.3.2)
      concurrent-ruby (~> 1.0)
      dry-logic (~> 0.4.2, < 0.5)
      dry-types (~> 0.11.0)
      hanami-utils (~> 1.3)
      rom (~> 3.3, >= 3.3.3)
      rom-repository (~> 1.4)
      rom-sql (~> 1.3, >= 1.3.5)
    hanami-router (1.3.2)
      hanami-utils (~> 1.3)
      http_router (= 0.11.2)
      rack (~> 2.0)
    hanami-utils (1.3.8)
      concurrent-ruby (~> 1.0)
      transproc (~> 1.0)
    hanami-validations (1.3.7)
      dry-logic (~> 0.4.2, < 0.5)
      dry-validation (~> 0.11, < 0.12)
      hanami-utils (~> 1.3)
    hanami-view (1.3.3)
      hanami-utils (~> 1.3)
      tilt (~> 2.0, >= 2.0.1)
    hanami-webconsole (0.1.0)
      better_errors (~> 2.4)
      binding_of_caller (~> 0.8)
    http_parser.rb (0.6.0)
    http_router (0.11.2)
      rack (>= 1.0.0)
      url_mount (~> 0.2.1)
    i18n (1.8.10)
      concurrent-ruby (~> 1.0)
    ice_nine (0.11.2)
    inflecto (0.0.2)
    jaro_winkler (1.5.4)
    json (2.6.1)
    kramdown (2.3.1)
      rexml
    kramdown-parser-gfm (1.1.0)
      kramdown (~> 2.0)
    listen (3.4.0)
      rb-fsevent (~> 0.10, >= 0.10.3)
      rb-inotify (~> 0.9, >= 0.9.10)
    lumberjack (1.2.8)
    mail (2.7.1)
      mini_mime (>= 0.1.1)
    method_source (0.9.2)
    mini_mime (1.1.2)
    mini_portile2 (2.6.1)
    multi_json (1.15.0)
    nenv (0.3.0)
    nokogiri (1.12.5)
      mini_portile2 (~> 2.6.1)
      racc (~> 1.4)
    notiffany (0.1.3)
      nenv (~> 0.1)
      shellany (~> 0.0)
    parallel (1.21.0)
    parser (3.1.0.0)
      ast (~> 2.4.1)
    pg (1.2.3)
    pry (0.12.2)
      coderay (~> 1.1.0)
      method_source (~> 0.9.0)
    public_suffix (4.0.6)
    racc (1.6.0)
    rack (2.2.6.2)
    rack-test (1.1.0)
      rack (>= 1.0, < 3)
    rainbow (3.0.0)
    rake (13.0.3)
    rb-fsevent (0.10.4)
    rb-inotify (0.10.1)
      ffi (~> 1.0)
    regexp_parser (1.8.2)
    reverse_markdown (2.1.1)
      nokogiri
    rexml (3.2.5)
    rom (3.3.3)
      concurrent-ruby (~> 1.0)
      dry-core (~> 0.3)
      dry-equalizer (~> 0.2)
      dry-initializer (~> 1.3)
      dry-types (~> 0.9, >= 0.9.4)
      rom-mapper (~> 0.5, >= 0.5.1)
    rom-factory (0.4.0)
      dry-configurable (~> 0.1)
      dry-core (~> 0.2)
      dry-struct (~> 0.2)
      faker (~> 1.7)
    rom-mapper (0.5.1)
      dry-core (~> 0.2, >= 0.2.3)
      dry-equalizer (~> 0.2)
      transproc (~> 1.0)
    rom-repository (1.4.0)
      dry-core (~> 0.3, >= 0.3.1)
      dry-struct (~> 0.3)
      rom (~> 3.3)
      rom-mapper (~> 0.5)
    rom-sql (1.3.5)
      dry-core (~> 0.3)
      dry-equalizer (~> 0.2)
      dry-types (~> 0.11.0)
      rom (~> 3.2, >= 3.2.2)
      sequel (~> 4.43)
    rspec (3.10.0)
      rspec-core (~> 3.10.0)
      rspec-expectations (~> 3.10.0)
      rspec-mocks (~> 3.10.0)
    rspec-core (3.10.1)
      rspec-support (~> 3.10.0)
    rspec-expectations (3.10.1)
      diff-lcs (>= 1.2.0, < 2.0)
      rspec-support (~> 3.10.0)
    rspec-hanami (0.4.0)
      hanami
      hanami-model
      rspec
    rspec-mocks (3.10.1)
      diff-lcs (>= 1.2.0, < 2.0)
      rspec-support (~> 3.10.0)
    rspec-support (3.10.1)
    rubocop (1.24.1)
      parallel (~> 1.10)
      parser (>= 3.0.0.0)
      rainbow (>= 2.2.2, < 4.0)
      regexp_parser (>= 1.8, < 3.0)
      rexml
      rubocop-ast (>= 1.15.1, < 2.0)
      ruby-progressbar (~> 1.7)
      unicode-display_width (>= 1.4.0, < 3.0)
    rubocop-ast (1.15.1)
      parser (>= 3.0.1.1)
    ruby-progressbar (1.11.0)
    sequel (4.49.0)
    shellany (0.0.1)
    shotgun (0.9.2)
      rack (>= 1.0)
    solargraph (0.44.2)
      backport (~> 1.2)
      benchmark
      bundler (>= 1.17.2)
      diff-lcs (~> 1.4)
      e2mmap
      jaro_winkler (~> 1.5)
      kramdown (~> 2.3)
      kramdown-parser-gfm (~> 1.1)
      parser (~> 3.0)
      reverse_markdown (>= 1.0.5, < 3)
      rubocop (>= 0.52)
      thor (~> 1.0)
      tilt (~> 2.0)
      yard (~> 0.9, >= 0.9.24)
    thor (1.0.1)
    tilt (2.0.10)
    transproc (1.1.1)
    unicode-display_width (2.1.0)
    url_mount (0.2.1)
      rack
    warden (1.2.9)
      rack (>= 2.0.9)
    webrick (1.7.0)
    xpath (3.2.0)
      nokogiri (~> 1.8)
    yard (0.9.27)
      webrick (~> 1.7.0)

PLATFORMS
  ruby

DEPENDENCIES
  bcrypt
  capybara
  database_cleaner
  dotenv (~> 2.4)
  guard
  guard-livereload (~> 2.5)
  hanami (~> 1.3)
  hanami-model (~> 1.3)
  hanami-webconsole
  i18n
  json (>= 2.0.0)
  nokogiri (>= 1.11.0.rc4)
  pg
  pry (~> 0.12.2)
  rack (>= 2.0.8)
  rake
  rom-factory
  rspec
  rspec-hanami
  rubocop
  shotgun
  solargraph
  warden

BUNDLED WITH
   2.3.4
